PATH
  remote: .
  specs:
    yts (0.1.0)

GEM
  remote: https://rubygems.org/
  specs:
    colorize (0.8.1)
    concurrent-ruby (1.1.7)
    hanami-router (1.3.2)
      hanami-utils (~> 1.3)
      http_router (= 0.11.2)
      rack (~> 2.0)
    hanami-utils (1.3.6)
      concurrent-ruby (~> 1.0)
      transproc (~> 1.0)
    http_router (0.11.2)
      rack (>= 1.0.0)
      url_mount (~> 0.2.1)
    minitest (5.14.2)
    rack (2.2.3)
    rake (12.3.3)
    thor (1.0.1)
    transproc (1.1.1)
    url_mount (0.2.1)
      rack
    yard (0.9.25)

PLATFORMS
  ruby

DEPENDENCIES
  colorize
  hanami-router
  minitest (~> 5.0)
  rake (~> 12.0)
  thor
  yard
  yts!

BUNDLED WITH
   2.1.4
